ObjectType = Image
NDims = 3
BinaryData = True
BinaryDataByteOrderMSB = False
CompressedData = True
CompressedDataSize = 8017370
TransformMatrix = -1 0 0 0 -1 0 0 0 1
Offset = 0 0 0
CenterOfRotation = 0 0 0
AnatomicalOrientation = LPI
ElementSpacing = 1 1 1
DimSize = 160 192 224
ElementType = MET_FLOAT
ElementDataFile = mri1.raw
