ObjectType = Image
NDims = 3
BinaryData = True
BinaryDataByteOrderMSB = False
Offset = 0 0 0 
ElementSpacing = 1 1 1 
DimSize = 160 192 224 
ElementNumberOfChannels = 1
ElementType = MET_FLOAT
ElementDataFile = mri4.raw
