ObjectType = Image
NDims = 3
BinaryData = True
BinaryDataByteOrderMSB = False
CompressedData = False
TransformMatrix = 1 0 0 0 0 1 0 -1 0
Offset = 0 0 0
CenterOfRotation = 0 0 0
AnatomicalOrientation = RIP
ElementSpacing = 1.25 1.25 1.25
DimSize = 128 128 128
ElementType = MET_FLOAT
ElementDataFile = mri_4.raw
